GEM
  remote: https://rubygems.org/
  specs:
    bourbon (4.2.7)
      sass (~> 3.4)
      thor (~> 0.19)
    font-awesome-sass (4.7.0)
      sass (>= 3.2)
    sass (3.4.25)
    thor (0.20.0)

PLATFORMS
  ruby
  x86_64-linux

DEPENDENCIES
  bourbon (~> 4.2.6)
  font-awesome-sass
  sass (~> 3.4.19)

BUNDLED WITH
   2.2.1
